PATH
  remote: .
  specs:
    spriteful (0.1.1)
      rmagick (~> 2.13.2)
      svg_optimizer
      thor (>= 0.18.1, < 2.0)

GEM
  remote: https://rubygems.org/
  specs:
    diff-lcs (1.2.5)
    mini_portile (0.5.2)
    nokogiri (1.6.0)
      mini_portile (~> 0.5.0)
    rake (10.1.0)
    rmagick (2.13.2)
    rspec (2.99.0.beta1)
      rspec-core (= 2.99.0.beta1)
      rspec-expectations (= 2.99.0.beta1)
      rspec-mocks (= 2.99.0.beta1)
    rspec-core (2.99.0.beta1)
    rspec-expectations (2.99.0.beta1)
      diff-lcs (>= 1.1.3, < 2.0)
    rspec-mocks (2.99.0.beta1)
    svg_optimizer (0.0.2)
      nokogiri
    thor (0.18.1)

PLATFORMS
  ruby

DEPENDENCIES
  bundler (~> 1.3)
  rake
  rspec (= 2.99.0.beta1)
  spriteful!
