PATH
  remote: .
  specs:
    spriteful (0.3.4)
      image_optim
      rmagick (~> 2.13.2)
      svg_optimizer
      thor (>= 0.18.1, < 2.0)

GEM
  remote: https://rubygems.org/
  specs:
    diff-lcs (1.2.5)
    exifr (1.1.3)
    fspath (2.1.0)
    image_optim (0.15.0)
      exifr (~> 1.1.3)
      fspath (~> 2.1.0)
      image_size (~> 1.3.0)
      in_threads (~> 1.2.2)
      progress (~> 3.0.1)
    image_size (1.3.1)
    in_threads (1.2.2)
    mini_portile (0.6.0)
    nokogiri (1.6.3.1)
      mini_portile (= 0.6.0)
    progress (3.0.1)
    rake (10.3.2)
    rmagick (2.13.3)
    rspec (3.0.0)
      rspec-core (~> 3.0.0)
      rspec-expectations (~> 3.0.0)
      rspec-mocks (~> 3.0.0)
    rspec-core (3.0.4)
      rspec-support (~> 3.0.0)
    rspec-expectations (3.0.4)
      diff-lcs (>= 1.2.0, < 2.0)
      rspec-support (~> 3.0.0)
    rspec-mocks (3.0.4)
      rspec-support (~> 3.0.0)
    rspec-support (3.0.4)
    svg_optimizer (0.0.2)
      nokogiri
    thor (0.19.1)

PLATFORMS
  ruby

DEPENDENCIES
  bundler (~> 1.5)
  rake
  rspec (~> 3.0.0)
  spriteful!
