GIT
  remote: git://github.com/fnando/svg_optimizer.git
  revision: 7c0017577dc278050d87080cbbc65c55bca22c3e
  specs:
    svg_optimizer (0.0.1)
      nokogiri

PATH
  remote: .
  specs:
    spriteful (0.0.3)
      rmagick (~> 2.13.2)
      thor (>= 0.18.1, < 2.0)

GEM
  remote: https://rubygems.org/
  specs:
    diff-lcs (1.2.4)
    mini_portile (0.5.1)
    nokogiri (1.6.0)
      mini_portile (~> 0.5.0)
    rake (10.1.0)
    rmagick (2.13.2)
    rspec (2.14.0)
      rspec-core (~> 2.14.0)
      rspec-expectations (~> 2.14.0)
      rspec-mocks (~> 2.14.0)
    rspec-core (2.14.0)
    rspec-expectations (2.14.0)
      diff-lcs (>= 1.1.3, < 2.0)
    rspec-mocks (2.14.0)
    thor (0.18.1)

PLATFORMS
  ruby

DEPENDENCIES
  bundler (~> 1.3)
  rake
  rspec (~> 2.14.0)
  spriteful!
  svg_optimizer!
